STORAGE: NONE
RESTRICTION: || (== net5.0) (== netstandard2.0) (== netstandard2.1)
NUGET
  remote: https://api.nuget.org/v3/index.json
    Dynamitey (2.0.10.189)
      Microsoft.CSharp (>= 4.6)
      System.ComponentModel (>= 4.3)
    FSharp.Core (6.0)
    FSharp.Interop.Dynamic (5.0.1.268)
      Dynamitey (>= 2.0.10.189)
      FSharp.Core (>= 4.2.3)
      Microsoft.CSharp (>= 4.6)
    ImpromptuInterface (7.0.1)
      Dynamitey (>= 2.0.9.136)
      Microsoft.CSharp (>= 4.4.1)
      System.Reflection.Emit (>= 4.3)
    Microsoft.CSharp (4.7)
    Microsoft.NETCore.Platforms (5.0.4)
    Microsoft.NETCore.Targets (5.0)
    Mono.Linq.Expressions (2.0)
    Mono.Reflection (2.0)
    System.ComponentModel (4.3)
      System.Runtime (>= 4.3)
    System.Reflection.Emit (4.7)
      System.Reflection.Emit.ILGeneration (>= 4.7) - restriction: || (&& (== net5.0) (< netcoreapp2.0) (< netstandard2.1)) (&& (== net5.0) (< netstandard1.1)) (&& (== net5.0) (< netstandard2.0)) (&& (== net5.0) (>= uap10.1)) (== netstandard2.0) (&& (== netstandard2.1) (< netstandard1.1)) (&& (== netstandard2.1) (< netstandard2.0)) (&& (== netstandard2.1) (>= uap10.1))
    System.Reflection.Emit.ILGeneration (4.7) - restriction: || (&& (== net5.0) (< netcoreapp2.0) (< netstandard2.1)) (&& (== net5.0) (< netstandard1.1)) (&& (== net5.0) (< netstandard2.0)) (&& (== net5.0) (>= uap10.1)) (== netstandard2.0) (&& (== netstandard2.1) (< netstandard1.1)) (&& (== netstandard2.1) (< netstandard2.0)) (&& (== netstandard2.1) (>= uap10.1))
    System.Runtime (4.3.1)
      Microsoft.NETCore.Platforms (>= 1.1.1)
      Microsoft.NETCore.Targets (>= 1.1.3)
